GEM
  remote: https://rubygems.org/
  specs:
    appium_lib (2.1.0)
      awesome_print (~> 1.2, >= 1.2.0)
      json (~> 1.8, >= 1.8.1)
      nokogiri (~> 1.6.1)
      selenium-webdriver (~> 2.41, >= 2.41.0)
      toml (~> 0.0, >= 0.0.4)
    awesome_print (1.7.0)
    blankslate (2.1.2.4)
    builder (3.2.2)
    childprocess (0.5.9)
      ffi (~> 1.0, >= 1.0.11)
    chunky_png (1.3.6)
    cucumber (2.4.0)
      builder (>= 2.1.2)
      cucumber-core (~> 1.5.0)
      cucumber-wire (~> 0.0.1)
      diff-lcs (>= 1.1.3)
      gherkin (~> 4.0)
      multi_json (>= 1.7.5, < 2.0)
      multi_test (>= 0.1.2)
    cucumber-core (1.5.0)
      gherkin (~> 4.0)
    cucumber-wire (0.0.1)
    diff-lcs (1.2.5)
    domain_name (0.5.20161129)
      unf (>= 0.0.5, < 1.0.0)
    eyes_selenium (2.38.0)
      chunky_png (= 1.3.6)
      faraday
      oily_png (~> 1.2)
      oj
      selenium-webdriver (>= 2.45.0)
    faraday (0.10.0)
      multipart-post (>= 1.2, < 3)
    ffi (1.12.2)
    gherkin (4.0.0)
    http-cookie (1.0.3)
      domain_name (~> 0.5)
    json (1.8.3)
    mime-types (3.1)
      mime-types-data (~> 3.2015)
    mime-types-data (3.2016.0521)
    mini_portile2 (2.1.0)
    multi_json (1.12.1)
    multi_test (0.1.2)
    multipart-post (2.0.0)
    netrc (0.11.0)
    nokogiri (1.6.8.1)
      mini_portile2 (~> 2.1.0)
    oily_png (1.2.0)
      chunky_png (~> 1.3.1)
    oj (2.18.0)
    parallel (1.10.0)
    parallel_cucumber (0.1.22)
      cucumber (~> 2)
      parallel (~> 1.6)
    parallel_split_test (0.6.0)
      parallel (>= 0.5.13)
      rspec (>= 3.1.0)
    parslet (1.5.0)
      blankslate (~> 2.0)
    rake (12.0.0)
    require_all (1.3.3)
    rest-client (2.0.0)
      http-cookie (>= 1.0.2, < 2.0)
      mime-types (>= 1.16, < 4.0)
      netrc (~> 0.8)
    rspec (3.5.0)
      rspec-core (~> 3.5.0)
      rspec-expectations (~> 3.5.0)
      rspec-mocks (~> 3.5.0)
    rspec-core (3.5.4)
      rspec-support (~> 3.5.0)
    rspec-expectations (3.5.0)
      diff-lcs (>= 1.2.0, < 2.0)
      rspec-support (~> 3.5.0)
    rspec-mocks (3.5.0)
      diff-lcs (>= 1.2.0, < 2.0)
      rspec-support (~> 3.5.0)
    rspec-support (3.5.0)
    rubyzip (1.2.0)
    sauce_whisk (0.0.12)
      rest-client
    selenium-webdriver (2.53.4)
      childprocess (~> 0.5)
      rubyzip (~> 1.0)
      websocket (~> 1.0)
    toml (0.1.2)
      parslet (~> 1.5.0)
    unf (0.1.4)
      unf_ext
    unf_ext (0.0.7.2)
    websocket (1.2.3)

PLATFORMS
  ruby

DEPENDENCIES
  appium_lib (~> 2.0)
  cucumber (>= 2.0.0)
  eyes_selenium
  json (~> 1.0)
  parallel_cucumber
  parallel_split_test
  rake
  require_all
  rspec
  sauce_whisk
  selenium-webdriver (~> 2.53)

BUNDLED WITH
   1.13.7
